GEM
  remote: https://rubygems.org/
  specs:
    concurrent-ruby (1.2.2)
    diff-lcs (1.5.0)
    dotenv (2.8.1)
    faraday (2.7.4)
      faraday-net_http (>= 2.0, < 3.1)
      ruby2_keywords (>= 0.0.4)
    faraday-net_http (3.0.2)
    i18n (1.12.0)
      concurrent-ruby (~> 1.0)
    jwt (2.6.0)
    monetize (1.12.0)
      money (~> 6.12)
    money (6.16.0)
      i18n (>= 0.6.4, <= 2)
    nokogiri (1.14.2-arm64-darwin)
      racc (~> 1.4)
    racc (1.6.2)
    rspec (3.12.0)
      rspec-core (~> 3.12.0)
      rspec-expectations (~> 3.12.0)
      rspec-mocks (~> 3.12.0)
    rspec-core (3.12.1)
      rspec-support (~> 3.12.0)
    rspec-expectations (3.12.2)
      diff-lcs (>= 1.2.0, < 2.0)
      rspec-support (~> 3.12.0)
    rspec-mocks (3.12.4)
      diff-lcs (>= 1.2.0, < 2.0)
      rspec-support (~> 3.12.0)
    rspec-support (3.12.0)
    ruby2_keywords (0.0.5)
    timecop (0.9.6)
    twilio-ruby (5.74.5)
      faraday (>= 0.9, < 3.0)
      jwt (>= 1.5, <= 2.6)
      nokogiri (>= 1.6, < 2.0)

PLATFORMS
  arm64-darwin-22

DEPENDENCIES
  dotenv (~> 2.1, >= 2.1.1)
  monetize (~> 1.12)
  rspec (~> 3.12)
  timecop (~> 0.9.6)
  twilio-ruby (~> 5.74.5)

BUNDLED WITH
   2.4.8
